GEM
  remote: https://rubygems.org/
  specs:
    bwoken (1.3.0)
      coffee-script-source
      colorful
      execjs
      rake
    coffee-script-source (1.6.3)
    colorful (0.0.3)
    execjs (2.0.0)
    rake (10.1.0)

PLATFORMS
  ruby

DEPENDENCIES
  bwoken
