GEM
  remote: https://rubygems.org/
  specs:
    bwoken (2.0.0.beta.1)
      coffee-script-source
      colorful
      execjs
      json_pure
      rake
      slop
    coffee-script-source (1.6.3)
    colorful (0.0.3)
    execjs (2.0.1)
    json_pure (1.8.0)
    rake (10.1.0)
    slop (3.4.6)

PLATFORMS
  ruby

DEPENDENCIES
  bwoken (= 2.0.0.beta.1)
